PATH
  remote: .
  specs:
    prometheus (0.1.3)
      activesupport
      settingslogic
      thor

GEM
  remote: http://rubygems.org/
  specs:
    activesupport (3.1.3)
      multi_json (~> 1.0)
    multi_json (1.0.4)
    rake (0.9.2.2)
    settingslogic (2.0.8)
    thor (0.14.6)

PLATFORMS
  ruby

DEPENDENCIES
  prometheus!
  rake
