PATH
  remote: .
  specs:
    mlgshell (0.0.1)
      pws
      settingslogic
      thor
      vagrant

GEM
  remote: http://rubygems.org/
  specs:
    archive-tar-minitar (0.5.2)
    clipboard (1.0.1)
    erubis (2.7.0)
    ffi (1.0.10)
    i18n (0.6.0)
    json (1.5.4)
    net-scp (1.0.4)
      net-ssh (>= 1.99.1)
    net-ssh (2.1.4)
    paint (0.8.4)
    pws (0.9.1)
      clipboard (~> 1.0.1)
      paint (>= 0.8.4)
      zucker (>= 12.1)
    settingslogic (2.0.6)
    thor (0.14.6)
    vagrant (0.8.7)
      archive-tar-minitar (= 0.5.2)
      erubis (~> 2.7.0)
      i18n (~> 0.6.0)
      json (~> 1.5.1)
      net-scp (~> 1.0.4)
      net-ssh (~> 2.1.4)
      thor (~> 0.14.6)
      virtualbox (~> 0.9.1)
    virtualbox (0.9.2)
      ffi (~> 1.0.9)
    zucker (12.1)

PLATFORMS
  ruby

DEPENDENCIES
  mlgshell!
