PATH
  remote: .
  specs:
    prometheus (0.0.1)
      active_support
      settingslogic
      thor

GEM
  remote: http://rubygems.org/
  specs:
    active_support (3.0.0)
      activesupport (= 3.0.0)
    activesupport (3.0.0)
    rake (0.9.2.2)
    settingslogic (2.0.8)
    thor (0.14.6)

PLATFORMS
  ruby

DEPENDENCIES
  prometheus!
  rake
